GEM
  remote: https://rubygems.org/
  specs:
    actionmailer (3.2.5)
      actionpack (= 3.2.5)
      mail (~> 2.4.4)
    actionpack (3.2.5)
      activemodel (= 3.2.5)
      activesupport (= 3.2.5)
      builder (~> 3.0.0)
      erubis (~> 2.7.0)
      journey (~> 1.0.1)
      rack (~> 1.4.0)
      rack-cache (~> 1.2)
      rack-test (~> 0.6.1)
      sprockets (~> 2.1.3)
    activemodel (3.2.5)
      activesupport (= 3.2.5)
      builder (~> 3.0.0)
    activerecord (3.2.5)
      activemodel (= 3.2.5)
      activesupport (= 3.2.5)
      arel (~> 3.0.2)
      tzinfo (~> 0.3.29)
    activeresource (3.2.5)
      activemodel (= 3.2.5)
      activesupport (= 3.2.5)
    activesupport (3.2.5)
      i18n (~> 0.6)
      multi_json (~> 1.0)
    addressable (2.2.8)
    arel (3.0.2)
    bcrypt-ruby (3.0.1)
    builder (3.0.0)
    capybara (1.1.2)
      mime-types (>= 1.16)
      nokogiri (>= 1.3.3)
      rack (>= 1.0.0)
      rack-test (>= 0.5.4)
      selenium-webdriver (~> 2.0)
      xpath (~> 0.1.4)
    capybara-mechanize (0.3.0)
      capybara (~> 1.1)
      mechanize (~> 2.3)
    capybara-webkit (0.12.1)
      capybara (>= 1.0.0, < 1.2)
      json
    childprocess (0.3.2)
      ffi (~> 1.0.6)
    chunky_png (1.2.6)
    coderay (1.0.7)
    coffee-rails (3.2.2)
      coffee-script (>= 2.2.0)
      railties (~> 3.2.0)
    coffee-script (2.2.0)
      coffee-script-source
      execjs
    coffee-script-source (1.3.3)
    compass (0.12.2)
      chunky_png (~> 1.2)
      fssm (>= 0.2.7)
      sass (~> 3.1)
    compass-rails (1.0.3)
      compass (>= 0.12.2, < 0.14)
    cucumber (1.1.9)
      builder (>= 2.1.2)
      diff-lcs (>= 1.1.2)
      gherkin (~> 2.9.0)
      json (>= 1.4.6)
      term-ansicolor (>= 1.0.6)
    cucumber-rails (1.3.0)
      capybara (>= 1.1.2)
      cucumber (>= 1.1.8)
      nokogiri (>= 1.5.0)
    database_cleaner (0.8.0)
    devise (2.1.2)
      bcrypt-ruby (~> 3.0)
      orm_adapter (~> 0.1)
      railties (~> 3.1)
      warden (~> 1.2.1)
    diff-lcs (1.1.3)
    domain_name (0.5.3)
      unf (~> 0.0.3)
    erubis (2.7.0)
    execjs (1.4.0)
      multi_json (~> 1.0)
    factory_girl (4.1.0)
      activesupport (>= 3.0.0)
    factory_girl_rails (4.1.0)
      factory_girl (~> 4.1.0)
      railties (>= 3.0.0)
    faraday (0.8.4)
      multipart-post (~> 1.1)
    ffi (1.0.11)
    formtastic (2.2.1)
      actionpack (>= 3.0)
    fssm (0.2.9)
    gherkin (2.9.3)
      json (>= 1.4.6)
    guard (1.3.2)
      listen (>= 0.4.2)
      thor (>= 0.14.6)
    guard-bundler (0.1.3)
      bundler (>= 1.0.0)
      guard (>= 0.2.2)
    guard-cucumber (0.7.5)
      cucumber (>= 0.10)
      guard (>= 0.8.3)
    guard-rspec (1.2.1)
      guard (>= 1.1)
    haml (3.1.4)
    has_scope (0.5.1)
    hashie (1.2.0)
    hike (1.2.1)
    httparty (0.9.0)
      multi_json (~> 1.0)
      multi_xml
    httpauth (0.1)
    i18n (0.6.0)
    inherited_resources (1.3.1)
      has_scope (~> 0.5.0)
      responders (~> 0.6)
    journey (1.0.4)
    jquery-rails (2.1.1)
      railties (>= 3.1.0, < 5.0)
      thor (~> 0.14)
    json (1.7.5)
    jwt (0.1.5)
      multi_json (>= 1.0)
    launchy (2.1.0)
      addressable (~> 2.2.6)
    libwebsocket (0.1.3)
      addressable
    listen (0.5.0)
    mail (2.4.4)
      i18n (>= 0.4.0)
      mime-types (~> 1.16)
      treetop (~> 1.4.8)
    mechanize (2.5.1)
      domain_name (~> 0.5, >= 0.5.1)
      mime-types (~> 1.17, >= 1.17.2)
      net-http-digest_auth (~> 1.1, >= 1.1.1)
      net-http-persistent (~> 2.5, >= 2.5.2)
      nokogiri (~> 1.4)
      ntlm-http (~> 0.1, >= 0.1.1)
      webrobots (~> 0.0, >= 0.0.9)
    method_source (0.8)
    mime-types (1.19)
    multi_json (1.3.6)
    multi_xml (0.5.1)
    multipart-post (1.1.5)
    net-http-digest_auth (1.2.1)
    net-http-persistent (2.7)
    nokogiri (1.5.2)
    ntlm-http (0.1.1)
    oauth2 (0.8.0)
      faraday (~> 0.8)
      httpauth (~> 0.1)
      jwt (~> 0.1.4)
      multi_json (~> 1.0)
      rack (~> 1.2)
    omniauth (1.0.3)
      hashie (~> 1.2)
      rack
    omniauth-facebook (1.4.1)
      omniauth-oauth2 (~> 1.1.0)
    omniauth-oauth2 (1.1.0)
      oauth2 (~> 0.8.0)
      omniauth (~> 1.0)
    orm_adapter (0.4.0)
    polyglot (0.3.3)
    pry (0.9.10)
      coderay (~> 1.0.5)
      method_source (~> 0.8)
      slop (~> 3.3.1)
    rack (1.4.1)
    rack-cache (1.2)
      rack (>= 0.4)
    rack-ssl (1.3.2)
      rack
    rack-test (0.6.1)
      rack (>= 1.0)
    rails (3.2.5)
      actionmailer (= 3.2.5)
      actionpack (= 3.2.5)
      activerecord (= 3.2.5)
      activeresource (= 3.2.5)
      activesupport (= 3.2.5)
      bundler (~> 1.0)
      railties (= 3.2.5)
    railties (3.2.5)
      actionpack (= 3.2.5)
      activesupport (= 3.2.5)
      rack-ssl (~> 1.3.2)
      rake (>= 0.8.7)
      rdoc (~> 3.4)
      thor (>= 0.14.6, < 2.0)
    rake (0.9.2.2)
    rb-fsevent (0.9.1)
    rdoc (3.12)
      json (~> 1.4)
    responders (0.9.2)
      railties (~> 3.1)
    rspec (2.11.0)
      rspec-core (~> 2.11.0)
      rspec-expectations (~> 2.11.0)
      rspec-mocks (~> 2.11.0)
    rspec-core (2.11.1)
    rspec-expectations (2.11.3)
      diff-lcs (~> 1.1.3)
    rspec-mocks (2.11.2)
    rspec-rails (2.11.0)
      actionpack (>= 3.0)
      activesupport (>= 3.0)
      railties (>= 3.0)
      rspec (~> 2.11.0)
    rubyzip (0.9.8)
    sass (3.2.1)
    sass-rails (3.2.5)
      railties (~> 3.2.0)
      sass (>= 3.1.10)
      tilt (~> 1.3)
    selenium-webdriver (2.21.2)
      childprocess (>= 0.2.5)
      ffi (~> 1.0)
      libwebsocket (~> 0.1.3)
      multi_json (~> 1.0)
      rubyzip
    slop (3.3.3)
    sprockets (2.1.3)
      hike (~> 1.2)
      rack (~> 1.0)
      tilt (~> 1.1, != 1.3.0)
    sqlite3 (1.3.6)
    term-ansicolor (1.0.7)
    thor (0.16.0)
    tilt (1.3.3)
    treetop (1.4.10)
      polyglot
      polyglot (>= 0.3.1)
    tzinfo (0.3.33)
    uglifier (1.2.7)
      execjs (>= 0.3.0)
      multi_json (~> 1.3)
    unf (0.0.5)
      unf_ext
    unf_ext (0.0.5)
    warden (1.2.1)
      rack (>= 1.0)
    webrobots (0.0.13)
    xpath (0.1.4)
      nokogiri (~> 1.3)

PLATFORMS
  ruby

DEPENDENCIES
  capybara
  capybara-mechanize
  capybara-webkit
  coffee-rails (~> 3.2.1)
  compass-rails
  cucumber
  cucumber-rails
  database_cleaner
  devise
  factory_girl_rails (~> 4.1.0)
  formtastic (~> 2.2.1)
  guard (~> 1.3.2)
  guard-bundler (~> 0.1.3)
  guard-cucumber (~> 0.7.5)
  guard-rspec (~> 1.2.1)
  haml
  httparty
  inherited_resources (~> 1.3.1)
  jquery-rails (~> 2.1)
  launchy
  omniauth
  omniauth-facebook
  pry
  rails (= 3.2.5)
  rb-fsevent (~> 0.9.1)
  rspec-rails
  sass-rails (~> 3.2.3)
  sqlite3
  uglifier (>= 1.0.3)
